GEM
  remote: http://rubygems.org/
  specs:
    mime-types (1.16)
    nokogiri (1.4.4)
    rack (1.2.2)
    rest-client (1.6.1)
      mime-types (>= 1.16)
    sinatra (1.2.5)
      rack (~> 1.1)
      tilt (>= 1.2.2, < 2.0)
    tilt (1.3)

PLATFORMS
  ruby

DEPENDENCIES
  nokogiri
  rest-client
  sinatra
